GEM
  remote: https://rubygems.org/
  specs:
    ast (2.4.2)
    backport (1.2.0)
    benchmark (0.2.0)
    debug (1.9.0)
      irb (~> 1.10)
      reline (>= 0.3.8)
    diff-lcs (1.4.4)
    e2mmap (0.1.0)
    io-console (0.6.0)
    irb (1.10.1)
      rdoc
      reline (>= 0.3.8)
    jaro_winkler (1.5.4)
    kramdown (2.3.1)
      rexml
    kramdown-parser-gfm (1.1.0)
      kramdown (~> 2.0)
    mini_portile2 (2.8.5)
    nokogiri (1.16.2)
      mini_portile2 (~> 2.8.2)
      racc (~> 1.4)
    parallel (1.21.0)
    parser (3.0.2.0)
      ast (~> 2.4.1)
    psych (5.1.1.1)
      stringio
    racc (1.7.3)
    rainbow (3.0.0)
    rdoc (6.6.1)
      psych (>= 4.0.0)
    readapt (1.4.3)
      backport (~> 1.2)
      thor (~> 1.0)
    regexp_parser (2.1.1)
    reline (0.4.1)
      io-console (~> 0.5)
    reverse_markdown (2.1.1)
      nokogiri
    rexml (3.2.5)
    rubocop (1.23.0)
      parallel (~> 1.10)
      parser (>= 3.0.0.0)
      rainbow (>= 2.2.2, < 4.0)
      regexp_parser (>= 1.8, < 3.0)
      rexml
      rubocop-ast (>= 1.12.0, < 2.0)
      ruby-progressbar (~> 1.7)
      unicode-display_width (>= 1.4.0, < 3.0)
    rubocop-ast (1.13.0)
      parser (>= 3.0.1.1)
    ruby-prof (1.4.3)
    ruby-progressbar (1.11.0)
    solargraph (0.44.2)
      backport (~> 1.2)
      benchmark
      bundler (>= 1.17.2)
      diff-lcs (~> 1.4)
      e2mmap
      jaro_winkler (~> 1.5)
      kramdown (~> 2.3)
      kramdown-parser-gfm (~> 1.1)
      parser (~> 3.0)
      reverse_markdown (>= 1.0.5, < 3)
      rubocop (>= 0.52)
      thor (~> 1.0)
      tilt (~> 2.0)
      yard (~> 0.9, >= 0.9.24)
    stringio (3.1.0)
    thor (1.1.0)
    tilt (2.0.10)
    unicode-display_width (2.1.0)
    yard (0.9.26)

PLATFORMS
  ruby

DEPENDENCIES
  debug
  readapt
  rubocop
  ruby-prof
  solargraph

BUNDLED WITH
   2.3.20
